GEM
  remote: https://rubygems.org/
  specs:
    coderay (1.1.3)
    mail (2.7.1)
      mini_mime (>= 0.1.1)
    method_source (1.0.0)
    mini_mime (1.1.2)
    pry (0.14.1)
      coderay (~> 1.1)
      method_source (~> 1.0)

PLATFORMS
  x86_64-darwin-18
  x86_64-linux

DEPENDENCIES
  mail
  pry

BUNDLED WITH
   2.2.19
